GEM
  remote: http://rubygems.org/
  specs:
    nokogiri (1.5.9)
    weather-report (0.3.2)
      nokogiri

PLATFORMS
  ruby

DEPENDENCIES
  weather-report
