GEM
  remote: http://rubygems.org/
  specs:
    ZenTest (4.9.1)
    autotest-fsevent (0.2.8)
      sys-uname
    autotest-growl (0.2.16)
    diff-lcs (1.2.4)
    ffi (1.8.1)
    nokogiri (1.5.9)
    rspec (2.13.0)
      rspec-core (~> 2.13.0)
      rspec-expectations (~> 2.13.0)
      rspec-mocks (~> 2.13.0)
    rspec-core (2.13.1)
    rspec-expectations (2.13.0)
      diff-lcs (>= 1.1.3, < 2.0)
    rspec-mocks (2.13.1)
    sys-uname (0.9.2)
      ffi (>= 1.0.0)
    weather-report (0.3.2)
      nokogiri

PLATFORMS
  ruby

DEPENDENCIES
  ZenTest
  autotest-fsevent
  autotest-growl
  rspec
  weather-report
